GEM
  remote: http://rubygems.org/
  specs:
    aaronh-chronic (0.3.9)
    actionmailer (2.3.11)
      actionpack (= 2.3.11)
    actionpack (2.3.11)
      activesupport (= 2.3.11)
      rack (~> 1.1.0)
    activerecord (2.3.11)
      activesupport (= 2.3.11)
    activeresource (2.3.11)
      activesupport (= 2.3.11)
    activesupport (2.3.11)
    babosa (0.2.2)
    builder (3.0.0)
    chronic (0.3.0)
    compass (0.8.17)
      haml (>= 2.2.0)
    configuration (1.2.0)
    cucumber (0.10.0)
      builder (>= 2.1.2)
      diff-lcs (~> 1.1.2)
      gherkin (~> 2.3.2)
      json (~> 1.4.6)
      term-ansicolor (~> 1.0.5)
    cucumber-rails (0.2.4)
      cucumber (>= 0.6.2)
    database_cleaner (0.6.4)
    devise (1.0.9)
      warden (~> 0.10.3)
    diff-lcs (1.1.2)
    factory_girl (1.3.3)
    formtastic (1.2.3)
      actionpack (>= 2.3.7)
      activesupport (>= 2.3.7)
      i18n (~> 0.4)
    friendly_id (3.2.1)
      babosa (~> 0.2.1)
    gherkin (2.3.3)
      json (~> 1.4.6)
    grid-coordinates (1.0.4)
      compass (>= 0.8.16)
    haml (3.0.25)
    hoptoad_notifier (2.4.6)
      activesupport
      builder
    i18n (0.5.0)
    json (1.4.6)
    launchy (0.4.0)
      configuration (>= 0.0.5)
      rake (>= 0.8.1)
    liquid (2.2.2)
    mysql (2.8.1)
    newrelic_rpm (2.13.4)
    nokogiri (1.4.4)
    paperclip (2.3.8)
      activerecord
      activesupport
    pickle (0.4.4)
      cucumber (>= 0.8)
      rake
      rspec (>= 1.3)
      yard
    rack (1.1.1)
    rack-test (0.5.7)
      rack (>= 1.0)
    rails (2.3.11)
      actionmailer (= 2.3.11)
      actionpack (= 2.3.11)
      activerecord (= 2.3.11)
      activeresource (= 2.3.11)
      activesupport (= 2.3.11)
      rake (>= 0.8.3)
    rake (0.8.7)
    redis (2.1.1)
    redis-namespace (0.10.0)
      redis (< 3.0.0)
    remarkable (3.1.13)
      rspec (>= 1.2.0)
    remarkable_activerecord (3.1.13)
      remarkable (~> 3.1.13)
      rspec (>= 1.2.0)
    remarkable_rails (3.1.13)
      remarkable (~> 3.1.13)
      remarkable_activerecord (~> 3.1.13)
      rspec (>= 1.2.0)
      rspec-rails (>= 1.2.0)
    resque (1.13.0)
      json (~> 1.4.6)
      redis-namespace (>= 0.10.0)
      sinatra (>= 0.9.2)
      vegas (~> 0.1.2)
    resque_mailer (1.0.1)
    rspec (1.3.1)
    rspec-rails (1.3.3)
      rack (>= 1.0.0)
      rspec (= 1.3.1)
    sinatra (1.2.0)
      rack (~> 1.1)
      tilt (>= 1.2.2, < 2.0)
    term-ansicolor (1.0.5)
    tilt (1.2.2)
    validation_reflection (0.3.8)
    vegas (0.1.8)
      rack (>= 1.0.0)
    warden (0.10.3)
      rack (>= 1.0.0)
    webrat (0.7.0)
      nokogiri (>= 1.2.0)
      rack (>= 1.0)
      rack-test (>= 0.5.3)
    whenever (0.6.2)
      aaronh-chronic (>= 0.3.9)
      activesupport (>= 2.3.4)
    will_paginate (2.3.15)
    yard (0.6.4)

PLATFORMS
  ruby

DEPENDENCIES
  chronic (>= 0.2.3)
  compass (= 0.8.17)
  cucumber-rails (= 0.2.4)
  database_cleaner (>= 0.4.3)
  devise (= 1.0.9)
  factory_girl (>= 1.2.3)
  formtastic
  friendly_id
  grid-coordinates (>= 1.0.3)
  haml (>= 2.2.0)
  hoptoad_notifier
  launchy
  liquid
  mysql
  newrelic_rpm
  paperclip (>= 2.2.9)
  pickle
  rails (= 2.3.11)
  remarkable_rails
  resque
  resque_mailer
  rspec (= 1.3.1)
  rspec-rails (= 1.3.3)
  validation_reflection (= 0.3.8)
  warden (= 0.10.3)
  webrat (= 0.7.0)
  whenever (>= 0.3.7)
  will_paginate (>= 2.3.11)
